GEM
  remote: http://rubygems.org/
  specs:
    ffi (1.0.9)
    git (1.2.5)
    jeweler (1.6.4)
      bundler (~> 1.0)
      git (>= 1.2.5)
      rake
    rake (0.9.2)
    rspec (1.3.1)

PLATFORMS
  ruby

DEPENDENCIES
  ffi
  jeweler
  rspec (= 1.3.1)
